GEM
  remote: https://rubygems.org/
  specs:
    builder (3.2.3)
    childprocess (0.5.9)
      ffi (~> 1.0, >= 1.0.11)
    cucumber (2.4.0)
      builder (>= 2.1.2)
      cucumber-core (~> 1.5.0)
      cucumber-wire (~> 0.0.1)
      diff-lcs (>= 1.1.3)
      gherkin (~> 4.0)
      multi_json (>= 1.7.5, < 2.0)
      multi_test (>= 0.1.2)
    cucumber-core (1.5.0)
      gherkin (~> 4.0)
    cucumber-wire (0.0.1)
    diff-lcs (1.3)
    faker (1.7.3)
      i18n (~> 0.5)
    ffi (1.9.10)
    gherkin (4.0.0)
    i18n (0.8.1)
    multi_json (1.12.1)
    multi_test (0.1.2)
    power_assert (0.3.0)
    rspec (2.99.0)
      rspec-core (~> 2.99.0)
      rspec-expectations (~> 2.99.0)
      rspec-mocks (~> 2.99.0)
    rspec-core (2.99.2)
    rspec-expectations (2.99.2)
      diff-lcs (>= 1.1.3, < 2.0)
    rspec-mocks (2.99.4)
    rubyzip (1.2.0)
    selenium-webdriver (2.53.3)
      childprocess (~> 0.5)
      rubyzip (~> 1.0)
      websocket (~> 1.0)
    test-unit (3.2.0)
      power_assert
    websocket (1.2.3)

PLATFORMS
  ruby

DEPENDENCIES
  cucumber (~> 2.4)
  faker (~> 1.7, >= 1.7.3)
  rspec
  selenium-webdriver (~> 2.53, >= 2.53.3)
  test-unit

BUNDLED WITH
   1.12.5
